PATH
  remote: ../md-validator-client-ruby
  specs:
    inc-validator-client (1.0.1)
      json (~> 2.1, >= 2.1.0)
      typhoeus (~> 1.0, >= 1.0.1)

GEM
  remote: https://rubygems.org/
  specs:
    ast (2.4.0)
    ethon (0.11.0)
      ffi (>= 1.3.0)
    ffi (1.9.21)
    json (2.3.1)
    parallel (1.12.1)
    parser (2.5.1.0)
      ast (~> 2.4.0)
    powerpack (0.1.1)
    rainbow (3.0.0)
    rubocop (0.56.0)
      parallel (~> 1.10)
      parser (>= 2.5)
      powerpack (~> 0.1)
      rainbow (>= 2.2.2, < 4.0)
      ruby-progressbar (~> 1.7)
      unicode-display_width (~> 1.0, >= 1.0.1)
    ruby-progressbar (1.9.0)
    typhoeus (1.3.0)
      ethon (>= 0.9.0)
    unicode-display_width (1.3.2)

PLATFORMS
  ruby

DEPENDENCIES
  ffi (= 1.9.21)
  inc-validator-client!
  rubocop

BUNDLED WITH
   2.1.4
