PATH
  remote: ../md-validator-client-ruby
  specs:
    md-validator-client (1.0.2)
      addressable (~> 2.3, >= 2.3.0)
      json (~> 2.1, >= 2.1.0)
      typhoeus (~> 1.0, >= 1.0.1)

GEM
  remote: https://rubygems.org/
  specs:
    addressable (2.7.0)
      public_suffix (>= 2.0.2, < 5.0)
    ast (2.4.0)
    ethon (0.13.0)
      ffi (>= 1.15.0)
    ffi (1.15.0)
    json (2.5.1)
    parallel (1.12.1)
    parser (2.5.1.0)
      ast (~> 2.4.0)
    powerpack (0.1.1)
    public_suffix (4.0.6)
    rainbow (3.0.0)
    rubocop (0.56.0)
      parallel (~> 1.10)
      parser (>= 2.5)
      powerpack (~> 0.1)
      rainbow (>= 2.2.2, < 4.0)
      ruby-progressbar (~> 1.7)
      unicode-display_width (~> 1.0, >= 1.0.1)
    ruby-progressbar (1.9.0)
    typhoeus (1.4.0)
      ethon (>= 0.9.0)
    unicode-display_width (1.3.2)

PLATFORMS
  ruby

DEPENDENCIES
  md-validator-client!
  rubocop

BUNDLED WITH
   2.1.4
